PATH
  remote: .
  specs:
    motion-resource (0.0.1)
      bubble-wrap

GEM
  remote: http://rubygems.org/
  specs:
    bacon (1.1.0)
    bubble-wrap (1.1.3)
    metaclass (0.0.1)
    mocha (0.11.4)
      metaclass (~> 0.0.1)
    mocha-on-bacon (0.2.1)
      mocha (>= 0.9.8)
    rake (0.9.2.2)

PLATFORMS
  ruby

DEPENDENCIES
  bacon
  mocha (= 0.11.4)
  mocha-on-bacon
  motion-resource!
  rake
